GEM
  remote: http://rubygems.org/
  specs:
    RedCloth (4.2.8)
    actionmailer (2.3.14)
      actionpack (= 2.3.14)
    actionpack (2.3.14)
      activesupport (= 2.3.14)
      rack (~> 1.1.0)
    activerecord (2.3.14)
      activesupport (= 2.3.14)
    activeresource (2.3.14)
      activesupport (= 2.3.14)
    activesupport (2.3.14)
    builder (2.1.2)
    capistrano (2.9.0)
      highline
      net-scp (>= 1.0.0)
      net-sftp (>= 2.0.0)
      net-ssh (>= 2.0.14)
      net-ssh-gateway (>= 1.1.0)
    capybara (0.3.9)
      culerity (>= 0.2.4)
      mime-types (>= 1.16)
      nokogiri (>= 1.3.3)
      rack (>= 1.0.0)
      rack-test (>= 0.5.4)
      selenium-webdriver (>= 0.0.3)
    cgi_multipart_eof_fix (2.5.0)
    childprocess (0.2.2)
      ffi (~> 1.0.6)
    columnize (0.3.3)
    cucumber (0.9.4)
      builder (~> 2.1.2)
      diff-lcs (~> 1.1.2)
      gherkin (~> 2.2.9)
      json (~> 1.4.6)
      term-ansicolor (~> 1.0.5)
    cucumber-rails (0.3.2)
      cucumber (>= 0.8.0)
    culerity (0.2.15)
    daemons (1.1.4)
    database_cleaner (0.6.7)
    diff-lcs (1.1.3)
    expertiza-authlogic (2.1.6.1)
      activesupport
    fastercsv (1.5.4)
    fastthread (1.0.7)
    ffi (1.0.9)
    ffi (1.0.9-x86-mingw32)
    gdata (1.1.2)
    gem_plugin (0.2.3)
    gherkin (2.2.9)
      json (~> 1.4.6)
      term-ansicolor (~> 1.0.5)
    gherkin (2.2.9-x86-mingw32)
      json (~> 1.4.6)
      term-ansicolor (~> 1.0.5)
    highline (1.6.2)
    hoptoad_notifier (2.4.11)
      activesupport
      builder
    json (1.4.6)
    json_pure (1.6.1)
    linecache (0.46)
      rbx-require-relative (> 0.0.4)
    mime-types (1.16)
    mongrel (1.1.5)
      cgi_multipart_eof_fix (>= 2.4)
      daemons (>= 1.0.3)
      fastthread (>= 1.0.1)
      gem_plugin (>= 0.2.3)
    mongrel (1.1.5-x86-mingw32)
      cgi_multipart_eof_fix (>= 2.4)
      gem_plugin (>= 0.2.3)
    mysql (2.8.1)
    mysql (2.8.1-x86-mingw32)
    net-scp (1.0.4)
      net-ssh (>= 1.99.1)
    net-sftp (2.0.5)
      net-ssh (>= 2.0.9)
    net-ssh (2.2.1)
    net-ssh-gateway (1.1.0)
      net-ssh (>= 1.99.1)
    nokogiri (1.5.0)
    nokogiri (1.5.0-x86-mingw32)
    rack (1.1.2)
    rack-test (0.6.1)
      rack (>= 1.0)
    rails (2.3.14)
      actionmailer (= 2.3.14)
      actionpack (= 2.3.14)
      activerecord (= 2.3.14)
      activeresource (= 2.3.14)
      activesupport (= 2.3.14)
      rake (>= 0.8.3)
    rake (0.9.2)
    rbx-require-relative (0.0.5)
    rdoc (3.11)
      json (~> 1.4)
    rgl (0.4.0)
      rake
      stream (>= 0.5)
    ruby-debug (0.10.4)
      columnize (>= 0.1)
      ruby-debug-base (~> 0.10.4.0)
    ruby-debug-base (0.10.4)
      linecache (>= 0.3)
    rubyzip (0.9.4)
    selenium-webdriver (2.7.0)
      childprocess (>= 0.2.1)
      ffi (>= 1.0.7)
      json_pure
      rubyzip
    stream (0.5)
    term-ansicolor (1.0.6)

PLATFORMS
  ruby
  x86-mingw32

DEPENDENCIES
  RedCloth
  capistrano
  capybara (= 0.3.9)
  cucumber (= 0.9.4)
  cucumber-rails (= 0.3.2)
  database_cleaner (>= 0.5.0)
  expertiza-authlogic (~> 2.1.6.1)
  fastercsv
  gdata
  hoptoad_notifier
  mongrel
  mysql
  rails (~> 2.3.14)
  rdoc
  rgl
  ruby-debug
  rubyzip
