GEM
  remote: http://rubygems.org/
  specs:
    RedCloth (4.2.9)
    RedCloth (4.2.9-x86-mingw32)
    actionmailer (2.3.15)
      actionpack (= 2.3.15)
    actionpack (2.3.15)
      activesupport (= 2.3.15)
      rack (~> 1.1.3)
    activerecord (2.3.15)
      activesupport (= 2.3.15)
    activeresource (2.3.15)
      activesupport (= 2.3.15)
    activesupport (2.3.15)
    bind-it (0.2.0)
      rjb
    builder (3.2.0)
    capistrano (2.14.2)
      highline
      net-scp (>= 1.0.0)
      net-sftp (>= 2.0.0)
      net-ssh (>= 2.0.14)
      net-ssh-gateway (>= 1.1.0)
    capybara (0.3.9)
      culerity (>= 0.2.4)
      mime-types (>= 1.16)
      nokogiri (>= 1.3.3)
      rack (>= 1.0.0)
      rack-test (>= 0.5.4)
      selenium-webdriver (>= 0.0.3)
    cgi_multipart_eof_fix (2.5.0)
    childprocess (0.3.9)
      ffi (~> 1.0, >= 1.0.11)
    columnize (0.3.6)
    configuration (1.3.2)
    cucumber (1.1.4)
      builder (>= 2.1.2)
      diff-lcs (>= 1.1.2)
      gherkin (~> 2.7.1)
      json (>= 1.4.6)
      term-ansicolor (>= 1.0.6)
    cucumber-rails (0.3.2)
      cucumber (>= 0.8.0)
    culerity (0.2.15)
    daemons (1.1.9)
    database_cleaner (0.9.1)
    diff-lcs (1.2.3)
    edavis10-ruby-web-search (0.0.2)
      json
    engtagger (0.1.2)
    expertiza-authlogic (2.1.6.1)
      activesupport
    fastercsv (1.5.5)
    fastthread (1.0.7)
    ffi (1.7.0)
    ffi (1.7.0-x86-mingw32)
    ffi-aspell (0.0.3)
      ffi (>= 1.0.11)
    gchart (1.0.0)
    gchartrb (0.8)
    gdata (1.1.2)
    gem_plugin (0.2.3)
    gherkin (2.7.7)
      json (>= 1.4.6)
    gherkin (2.7.7-x86-mingw32)
      json (>= 1.4.6)
    highline (1.6.16)
    hoptoad_notifier (2.4.11)
      activesupport
      builder
    json (1.7.7)
    launchy (0.4.0)
      configuration (>= 0.0.5)
      rake (>= 0.8.1)
    linecache (0.46)
      rbx-require-relative (> 0.0.4)
    mime-types (1.22)
    mongrel (1.1.5)
      cgi_multipart_eof_fix (>= 2.4)
      daemons (>= 1.0.3)
      fastthread (>= 1.0.1)
      gem_plugin (>= 0.2.3)
    mongrel (1.1.5-x86-mingw32)
      cgi_multipart_eof_fix (>= 2.4)
      gem_plugin (>= 0.2.3)
    multi_json (1.7.2)
    mysql (2.9.1)
    mysql (2.9.1-x86-mingw32)
    net-scp (1.1.0)
      net-ssh (>= 2.6.5)
    net-sftp (2.1.1)
      net-ssh (>= 2.6.5)
    net-ssh (2.6.7)
    net-ssh-gateway (1.2.0)
      net-ssh (>= 2.6.5)
    nokogiri (1.5.9)
    nokogiri (1.5.9-x86-mingw32)
    open-uri-cached (0.0.5)
    rack (1.1.6)
    rack-test (0.6.2)
      rack (>= 1.0)
    rails (2.3.15)
      actionmailer (= 2.3.15)
      actionpack (= 2.3.15)
      activerecord (= 2.3.15)
      activeresource (= 2.3.15)
      activesupport (= 2.3.15)
      rake (>= 0.8.3)
    rake (10.0.4)
    rbx-require-relative (0.0.9)
    rdoc (4.0.1)
      json (~> 1.4)
    rgl (0.4.0)
      rake
      stream (>= 0.5)
    rjb (1.4.3)
    rspec (2.13.0)
      rspec-core (~> 2.13.0)
      rspec-expectations (~> 2.13.0)
      rspec-mocks (~> 2.13.0)
    rspec-core (2.13.1)
    rspec-expectations (2.13.0)
      diff-lcs (>= 1.1.3, < 2.0)
    rspec-mocks (2.13.1)
    rspec-rails (1.3.2)
      rack (>= 1.0.0)
      rspec (>= 1.3.0)
    ruby-debug (0.10.4)
      columnize (>= 0.1)
      ruby-debug-base (~> 0.10.4.0)
    ruby-debug-base (0.10.4)
      linecache (>= 0.3)
    rubyzip (0.9.9)
    rwordnet (0.1.3)
    seer (0.10.0)
    selenium-webdriver (2.32.1)
      childprocess (>= 0.2.5)
      multi_json (~> 1.0)
      rubyzip
      websocket (~> 1.0.4)
    stanford-core-nlp (0.3.0)
      bind-it
    stream (0.5)
    term-ansicolor (1.1.4)
    websocket (1.0.7)

PLATFORMS
  ruby
  x86-mingw32

DEPENDENCIES
  RedCloth
  bind-it (= 0.2.0)
  capistrano
  capybara (= 0.3.9)
  cucumber (= 1.1.4)
  cucumber-rails (= 0.3.2)
  database_cleaner (>= 0.5.0)
  edavis10-ruby-web-search
  engtagger
  expertiza-authlogic (~> 2.1.6.1)
  fastercsv
  ffi-aspell
  gchart
  gchartrb
  gdata
  gherkin (~> 2.7.6)
  hoptoad_notifier
  launchy (= 0.4.0)
  mongrel
  mysql
  nokogiri
  open-uri-cached
  rails (= 2.3.15)
  rake
  rdoc
  rgl
  rjb (= 1.4.3)
  rspec-rails (= 1.3.2)
  ruby-debug
  rubyzip
  rwordnet
  seer
  stanford-core-nlp (= 0.3.0)
